PATH
  remote: .
  specs:
    imdb_title (0.0.14)
      httparty (~> 0.21.0)
      nokogiri (~> 1.15, >= 1.15.4)

GEM
  remote: http://rubygems.org/
  specs:
    addressable (2.8.7)
      public_suffix (>= 2.0.2, < 7.0)
    ast (2.4.2)
    base64 (0.1.1)
    bigdecimal (3.1.9)
    crack (1.0.0)
      bigdecimal
      rexml
    date (3.4.1)
    debug (1.10.0)
      irb (~> 1.10)
      reline (>= 0.3.8)
    hashdiff (1.1.2)
    httparty (0.21.0)
      mini_mime (>= 1.0.0)
      multi_xml (>= 0.5.2)
    io-console (0.8.0)
    irb (1.14.3)
      rdoc (>= 4.0.0)
      reline (>= 0.4.2)
    json (2.6.3)
    kwalify (0.7.2)
    language_server-protocol (3.17.0.3)
    lint_roller (1.1.0)
    mini_mime (1.1.5)
    minitest (5.20.0)
    minitest-hooks (1.5.2)
      minitest (> 5.3)
    multi_xml (0.6.0)
    nokogiri (1.15.4-x86_64-linux)
      racc (~> 1.4)
    parallel (1.23.0)
    parser (3.2.2.3)
      ast (~> 2.4.1)
      racc
    psych (5.2.2)
      date
      stringio
    public_suffix (6.0.1)
    racc (1.7.1)
    rainbow (3.1.1)
    rake (13.0.6)
    rdoc (6.10.0)
      psych (>= 4.0.0)
    reek (6.1.4)
      kwalify (~> 0.7.0)
      parser (~> 3.2.0)
      rainbow (>= 2.0, < 4.0)
    regexp_parser (2.8.1)
    reline (0.6.0)
      io-console (~> 0.5)
    require_all (3.0.0)
    rexml (3.2.6)
    rubocop (1.56.4)
      base64 (~> 0.1.1)
      json (~> 2.3)
      language_server-protocol (>= 3.17.0)
      parallel (~> 1.10)
      parser (>= 3.2.2.3)
      rainbow (>= 2.2.2, < 4.0)
      regexp_parser (>= 1.8, < 3.0)
      rexml (>= 3.2.5, < 4.0)
      rubocop-ast (>= 1.28.1, < 2.0)
      ruby-progressbar (~> 1.7)
      unicode-display_width (>= 2.4.0, < 3.0)
    rubocop-ast (1.29.0)
      parser (>= 3.2.1.0)
    rubocop-performance (1.19.1)
      rubocop (>= 1.7.0, < 2.0)
      rubocop-ast (>= 0.4.0)
    ruby-progressbar (1.13.0)
    standard (1.31.1)
      language_server-protocol (~> 3.17.0.2)
      lint_roller (~> 1.0)
      rubocop (~> 1.56.2)
      standard-custom (~> 1.0.0)
      standard-performance (~> 1.2)
    standard-custom (1.0.2)
      lint_roller (~> 1.0)
      rubocop (~> 1.50)
    standard-performance (1.2.0)
      lint_roller (~> 1.1)
      rubocop-performance (~> 1.19.0)
    stringio (3.1.2)
    unicode-display_width (2.4.2)
    vcr (6.3.1)
      base64
    webmock (3.24.0)
      addressable (>= 2.8.0)
      crack (>= 0.3.2)
      hashdiff (>= 0.4.0, < 2.0.0)

PLATFORMS
  x86_64-linux

DEPENDENCIES
  debug
  imdb_title!
  minitest (~> 5.20)
  minitest-hooks (~> 1.5, >= 1.5.2)
  rake (~> 13.0, >= 13.0.6)
  reek (~> 6.1, >= 6.1.4)
  require_all (~> 3.0)
  standard (~> 1.31, >= 1.31.1)
  vcr (~> 6.3, >= 6.3.1)
  webmock (~> 3.24)

RUBY VERSION
   ruby 3.2.2p53

BUNDLED WITH
   2.4.20
